GEM
  remote: http://rubygems.org/
  specs:
    biodiversity (0.7.3)
      json
      treetop
    builder (3.0.0)
    cucumber (0.10.2)
      builder (>= 2.1.2)
      diff-lcs (>= 1.1.2)
      gherkin (>= 2.3.5)
      json (>= 1.4.6)
      term-ansicolor (>= 1.0.5)
    diff-lcs (1.1.2)
    dwc-archive (0.5.13)
      parsley-store (>= 0.2.0)
    gherkin (2.3.7)
      json (>= 1.4.6)
    git (1.2.5)
    jeweler (1.6.0)
      bundler (~> 1.0.0)
      git (>= 1.2.5)
      rake
    json (1.5.1)
    parsley-store (0.2.2)
      biodiversity
      redis
    polyglot (0.3.1)
    rake (0.8.7)
    rcov (0.9.9)
    redis (2.2.0)
    rspec (2.3.0)
      rspec-core (~> 2.3.0)
      rspec-expectations (~> 2.3.0)
      rspec-mocks (~> 2.3.0)
    rspec-core (2.3.1)
    rspec-expectations (2.3.0)
      diff-lcs (~> 1.1.2)
    rspec-mocks (2.3.0)
    term-ansicolor (1.0.5)
    treetop (1.4.9)
      polyglot (>= 0.3.1)

PLATFORMS
  ruby

DEPENDENCIES
  bundler (~> 1.0.0)
  cucumber
  dwc-archive (>= 0.5.13)
  jeweler (~> 1.6.0)
  rcov
  rspec (~> 2.3.0)
