GEM
  remote: http://rubygems.org/
  specs:
    RubyInline (3.9.0)
      ZenTest (~> 4.3)
    ZenTest (4.5.0)
    archive-tar-minitar (0.5.2)
    biodiversity (0.7.3)
      json
      treetop
    builder (3.0.0)
    columnize (0.3.2)
    cucumber (0.10.2)
      builder (>= 2.1.2)
      diff-lcs (>= 1.1.2)
      gherkin (>= 2.3.5)
      json (>= 1.4.6)
      term-ansicolor (>= 1.0.5)
    diff-lcs (1.1.2)
    dwc-archive (0.5.13)
      parsley-store (>= 0.2.0)
    gherkin (2.3.7)
      json (>= 1.4.6)
    git (1.2.5)
    jeweler (1.6.0)
      bundler (~> 1.0.0)
      git (>= 1.2.5)
      rake
    json (1.5.1)
    linecache19 (0.5.11)
      ruby_core_source (>= 0.1.4)
    parsley-store (0.2.2)
      biodiversity
      redis
    polyglot (0.3.1)
    rake (0.8.7)
    rcov (0.9.9)
    redis (2.2.0)
    rspec (2.3.0)
      rspec-core (~> 2.3.0)
      rspec-expectations (~> 2.3.0)
      rspec-mocks (~> 2.3.0)
    rspec-core (2.3.1)
    rspec-expectations (2.3.0)
      diff-lcs (~> 1.1.2)
    rspec-mocks (2.3.0)
    ruby-debug-base19 (0.11.24)
      columnize (>= 0.3.1)
      linecache19 (>= 0.5.11)
      ruby_core_source (>= 0.1.4)
    ruby-debug19 (0.11.6)
      columnize (>= 0.3.1)
      linecache19 (>= 0.5.11)
      ruby-debug-base19 (>= 0.11.19)
    ruby_core_source (0.1.4)
      archive-tar-minitar (>= 0.5.2)
    taxamatch_rb (0.6.5)
      RubyInline
      biodiversity (>= 0.5.13)
    term-ansicolor (1.0.5)
    treetop (1.4.9)
      polyglot (>= 0.3.1)

PLATFORMS
  ruby

DEPENDENCIES
  bundler (~> 1.0.0)
  cucumber
  dwc-archive (>= 0.5.13)
  jeweler (~> 1.6.0)
  rcov
  rspec (~> 2.3.0)
  ruby-debug19
  taxamatch_rb (>= 0.6.5)
